GIT
  remote: git://github.com/dwillis/feedbag.git
  revision: f7f2269ada54f9b5be7c1312949512bb8a557b10
  specs:
    feedbag (0.9.1)
      nokogiri

GIT
  remote: git://github.com/sinatra/sinatra-contrib.git
  revision: 1aed2897edebbea5e18a5772af9e060a689013fe
  specs:
    sinatra-contrib (1.4.0)
      backports (>= 2.0)
      eventmachine
      rack-protection
      rack-test
      sinatra (~> 1.4.0)
      tilt (~> 1.3)

GIT
  remote: git://github.com/swanson/feedzirra.git
  revision: b1ff9dd220f90a6168d5c5555825bb3d33d851b8
  specs:
    feedzirra (0.2.0.rc2)
      curb (~> 0.8.1)
      loofah (~> 1.2.1)
      nokogiri (~> 1.5.3)
      sax-machine (~> 0.2.0.rc1)

GIT
  remote: git://github.com/swanson/loofah.git
  revision: 825d715e6f1281501882d886cf34e82aebabb356
  specs:
    loofah (1.2.1.20130718080038)
      nokogiri (>= 1.5.9)

GEM
  remote: https://rubygems.org/
  specs:
    activemodel (3.2.12)
      activesupport (= 3.2.12)
      builder (~> 3.0.0)
    activerecord (3.2.12)
      activemodel (= 3.2.12)
      activesupport (= 3.2.12)
      arel (~> 3.0.2)
      tzinfo (~> 0.3.29)
    activesupport (3.2.12)
      i18n (~> 0.6)
      multi_json (~> 1.0)
    arel (3.0.2)
    backports (3.3.0)
    bcrypt-ruby (3.0.1)
    builder (3.0.4)
    coderay (1.0.9)
    colorize (0.5.8)
    columnize (0.3.6)
    coveralls (0.6.7)
      colorize
      multi_json (~> 1.3)
      rest-client
      simplecov (>= 0.7)
      thor
    curb (0.8.3)
    debugger (1.6.1)
      columnize (>= 0.3.1)
      debugger-linecache (~> 1.2.0)
      debugger-ruby_core_source (~> 1.2.3)
    debugger-linecache (1.2.0)
    debugger-ruby_core_source (1.2.3)
    delayed_job (3.0.5)
      activesupport (~> 3.0)
    delayed_job_active_record (0.4.4)
      activerecord (>= 2.1.0, < 4)
      delayed_job (~> 3.0)
    diff-lcs (1.2.4)
    dotenv (0.7.0)
    eventmachine (1.0.3)
    excon (0.25.0)
    faker (1.1.2)
      i18n (~> 0.5)
    foreman (0.63.0)
      dotenv (>= 0.7)
      thor (>= 0.13.6)
    formatador (0.2.4)
    highline (1.6.19)
    i18n (0.6.4)
    jsmin (1.0.1)
    kgio (2.8.0)
    method_source (0.8.2)
    mime-types (1.23)
    multi_json (1.7.3)
    netrc (0.7.7)
    nokogiri (1.5.9)
    pg (0.15.1)
    pry (0.9.12.2)
      coderay (~> 1.0.5)
      method_source (~> 0.8)
      slop (~> 3.4)
    pry-debugger (0.2.2)
      debugger (~> 1.3)
      pry (~> 0.9.10)
    rack (1.5.2)
    rack-protection (1.5.0)
      rack
    rack-test (0.6.2)
      rack (>= 1.0)
    racksh (1.0.0)
      rack (>= 1.0)
      rack-test (>= 0.5)
    raindrops (0.11.0)
    rake (10.0.4)
    rendezvous (0.0.2)
    rest-client (1.6.7)
      mime-types (>= 1.16)
    rspec (2.13.0)
      rspec-core (~> 2.13.0)
      rspec-expectations (~> 2.13.0)
      rspec-mocks (~> 2.13.0)
    rspec-core (2.13.1)
    rspec-expectations (2.13.0)
      diff-lcs (>= 1.1.3, < 2.0)
    rspec-html-matchers (0.4.1)
      nokogiri (>= 1.4.4)
      rspec (>= 2.0.0)
    rspec-mocks (2.13.1)
    sax-machine (0.2.0.rc1)
      nokogiri (~> 1.5.2)
    shotgun (0.9)
      rack (>= 1.0)
    simplecov (0.7.1)
      multi_json (~> 1.0)
      simplecov-html (~> 0.7.1)
    simplecov-html (0.7.1)
    sinatra (1.4.2)
      rack (~> 1.5, >= 1.5.2)
      rack-protection (~> 1.4)
      tilt (~> 1.3, >= 1.3.4)
    sinatra-activerecord (1.2.2)
      activerecord (~> 3.0)
      sinatra (~> 1.0)
    sinatra-assetpack (0.2.2)
      backports
      jsmin
      rack-test
      sinatra
      tilt (>= 1.3.0)
    sinatra-flash (0.3.0)
      sinatra (>= 1.0.0)
    slop (3.4.6)
    sqlite3 (1.3.7)
    thor (0.18.1)
    thread (0.0.8)
    tilt (1.4.1)
    tzinfo (0.3.37)
    unicorn (4.6.2)
      kgio (~> 2.6)
      rack
      raindrops (~> 0.7)
    will_paginate (3.0.4)

PLATFORMS
  ruby

DEPENDENCIES
  activerecord (~> 3.2.0)
  bcrypt-ruby (~> 3.0.1)
  coveralls (~> 0.6.7)
  delayed_job_active_record (~> 0.4.4)
  excon (~> 0.25.0)
  faker (~> 1.1.2)
  feedbag!
  feedzirra!
  foreman (~> 0.63.0)
  formatador (~> 0.2.4)
  highline (~> 1.6.19)
  i18n (~> 0.6.4)
  loofah!
  netrc (~> 0.7.7)
  nokogiri (~> 1.5.9)
  pg (~> 0.15.1)
  pry-debugger (~> 0.2.2)
  rack-test (~> 0.6.2)
  racksh (~> 1.0.0)
  rake (~> 10.0.4)
  rendezvous (~> 0.0.2)
  rspec (~> 2.13.0)
  rspec-html-matchers (~> 0.4.1)
  shotgun (~> 0.9)
  sinatra (~> 1.4.2)
  sinatra-activerecord (~> 1.2.2)
  sinatra-assetpack (~> 0.2.2)
  sinatra-contrib!
  sinatra-flash (~> 0.3.0)
  sqlite3 (~> 1.3.7)
  thread (~> 0.0.8)
  unicorn (~> 4.6.2)
  will_paginate (~> 3.0.4)
