GEM
  remote: https://rubygems.org/
  specs:
    activemodel (4.1.14)
      activesupport (= 4.1.14)
      builder (~> 3.1)
    activerecord (4.1.14)
      activemodel (= 4.1.14)
      activesupport (= 4.1.14)
      arel (~> 5.0.0)
    activesupport (4.1.14)
      i18n (~> 0.6, >= 0.6.9)
      json (~> 1.7, >= 1.7.7)
      minitest (~> 5.1)
      thread_safe (~> 0.1)
      tzinfo (~> 1.1)
    arel (5.0.1.20140414130214)
    ast (2.1.0)
    astrolabe (1.3.1)
      parser (~> 2.2)
    backports (3.6.1)
    bcrypt-ruby (3.1.2)
    builder (3.2.2)
    byebug (2.5.0)
      columnize (~> 0.3.6)
      debugger-linecache (~> 1.2.0)
    capybara (2.4.1)
      mime-types (>= 1.16)
      nokogiri (>= 1.3.3)
      rack (>= 1.0.0)
      rack-test (>= 0.5.4)
      xpath (~> 2.0)
    clockwork (1.2.0)
      activesupport
      tzinfo
    coderay (1.1.0)
    columnize (0.3.6)
    coveralls (0.7.0)
      multi_json (~> 1.3)
      rest-client
      simplecov (>= 0.7)
      term-ansicolor
      thor
    curb (0.8.6)
    debugger-linecache (1.2.0)
    delayed_job (4.1.1)
      activesupport (>= 3.0, < 5.0)
    delayed_job_active_record (4.1.0)
      activerecord (>= 3.0, < 5)
      delayed_job (>= 3.0, < 5)
    diff-lcs (1.2.5)
    docile (1.1.1)
    domain_name (0.5.25)
      unf (>= 0.0.5, < 1.0.0)
    faker (1.2.0)
      i18n (~> 0.5)
    feedbag (0.9.2)
      hpricot (>= 0.6)
    feedjira (1.3.0)
      curb (~> 0.8.1)
      loofah (~> 2.0.0)
      sax-machine (~> 0.2.1)
    hpricot (0.8.6)
    http-cookie (1.0.2)
      domain_name (~> 0.5)
    i18n (0.6.11)
    jsmin (1.0.1)
    json (1.8.3)
    kgio (2.9.3)
    loofah (2.0.0)
      nokogiri (>= 1.5.9)
    method_source (0.8.2)
    mime-types (2.99)
    mini_portile2 (2.0.0)
    minitest (5.8.4)
    multi_json (1.11.2)
    netrc (0.11.0)
    nokogiri (1.6.7.2)
      mini_portile2 (~> 2.0.0.rc2)
    parser (2.2.3.0)
      ast (>= 1.1, < 3.0)
    pg (0.17.1)
    powerpack (0.1.1)
    pry (0.9.12.4)
      coderay (~> 1.0)
      method_source (~> 0.8)
      slop (~> 3.4)
    pry-byebug (1.2.0)
      byebug (~> 2.2)
      pry (~> 0.9.12)
    rack (1.6.4)
    rack-protection (1.5.3)
      rack
    rack-ssl (1.4.1)
      rack
    rack-test (0.6.2)
      rack (>= 1.0)
    racksh (1.0.0)
      rack (>= 1.0)
      rack-test (>= 0.5)
    rainbow (2.0.0)
    raindrops (0.13.0)
    rake (10.1.1)
    rest-client (1.8.0)
      http-cookie (>= 1.0.2, < 2.0)
      mime-types (>= 1.16, < 3.0)
      netrc (~> 0.7)
    rspec (3.4.0)
      rspec-core (~> 3.4.0)
      rspec-expectations (~> 3.4.0)
      rspec-mocks (~> 3.4.0)
    rspec-core (3.4.2)
      rspec-support (~> 3.4.0)
    rspec-expectations (3.4.0)
      diff-lcs (>= 1.2.0, < 2.0)
      rspec-support (~> 3.4.0)
    rspec-html-matchers (0.7.0)
      nokogiri (~> 1)
      rspec (~> 3)
    rspec-mocks (3.4.1)
      diff-lcs (>= 1.2.0, < 2.0)
      rspec-support (~> 3.4.0)
    rspec-support (3.4.1)
    rubocop (0.35.1)
      astrolabe (~> 1.3)
      parser (>= 2.2.3.0, < 3.0)
      powerpack (~> 0.1)
      rainbow (>= 1.99.1, < 3.0)
      ruby-progressbar (~> 1.7)
      tins (<= 1.6.0)
    ruby-progressbar (1.7.5)
    sax-machine (0.2.1)
      nokogiri (~> 1.6.0)
    shotgun (0.9)
      rack (>= 1.0)
    simplecov (0.8.2)
      docile (~> 1.1.0)
      multi_json
      simplecov-html (~> 0.8.0)
    simplecov-html (0.8.0)
    sinatra (1.4.5)
      rack (~> 1.4)
      rack-protection (~> 1.4)
      tilt (~> 1.3, >= 1.3.4)
    sinatra-activerecord (1.2.3)
      activerecord (>= 3.0)
      sinatra (~> 1.0)
    sinatra-assetpack (0.3.1)
      jsmin
      rack-test
      sinatra
      tilt (>= 1.3.0)
    sinatra-contrib (1.4.2)
      backports (>= 2.0)
      multi_json
      rack-protection
      rack-test
      sinatra (~> 1.4.0)
      tilt (~> 1.3)
    sinatra-flash (0.3.0)
      sinatra (>= 1.0.0)
    slop (3.4.7)
    sqlite3 (1.3.10)
    term-ansicolor (1.2.2)
      tins (~> 0.8)
    thor (0.18.1)
    thread (0.1.3)
    thread_safe (0.3.5)
    tilt (1.4.1)
    timecop (0.7.1)
    tins (0.13.1)
    tzinfo (1.2.2)
      thread_safe (~> 0.1)
    unf (0.1.4)
      unf_ext
    unf_ext (0.0.7.1)
    unicorn (4.7.0)
      kgio (~> 2.6)
      rack
      raindrops (~> 0.7)
    will_paginate (3.0.5)
    xpath (2.0.0)
      nokogiri (~> 1.3)

PLATFORMS
  ruby

DEPENDENCIES
  activerecord (~> 4.1.11)
  arel (~> 5.0)
  bcrypt-ruby (~> 3.1.2)
  capybara (~> 2.4.1)
  clockwork (~> 1.2.0)
  coveralls (~> 0.7)
  delayed_job (~> 4.1)
  delayed_job_active_record (~> 4.1)
  faker (~> 1.2)
  feedbag (~> 0.9.2)
  feedjira (~> 1.3.0)
  i18n (~> 0.6.9)
  loofah (~> 2.0.0)
  nokogiri (~> 1.6, >= 1.6.7.2)
  pg (~> 0.17.1)
  pry-byebug (~> 1.2)
  rack-protection (~> 1.5.3)
  rack-ssl (~> 1.4.1)
  rack-test (~> 0.6.2)
  racksh (~> 1.0)
  rake (~> 10.1, >= 10.1.1)
  rspec (~> 3.4)
  rspec-html-matchers (~> 0.7)
  rubocop (~> 0.35.1)
  shotgun (~> 0.9.0)
  sinatra (~> 1.4, >= 1.4.4)
  sinatra-activerecord (~> 1.2, >= 1.2.3)
  sinatra-assetpack (~> 0.3.1)
  sinatra-contrib (>= 1.4.2)
  sinatra-flash (~> 0.3.0)
  sqlite3 (~> 1.3, >= 1.3.8)
  thread (~> 0.1.3)
  timecop (~> 0.7.1)
  unicorn (~> 4.7)
  will_paginate (~> 3.0, >= 3.0.5)

BUNDLED WITH
   1.11.2
